GEM
  remote: https://rubygems.org/
  specs:
    bson (4.2.2)
    bson_ext (1.5.1)
    eventmachine (1.2.7)
    faraday (0.15.4)
      multipart-post (>= 1.2, < 3)
    faraday_middleware (0.10.1)
      faraday (>= 0.7.4, < 1.0)
    faye-websocket (0.10.7)
      eventmachine (>= 0.12.0)
      websocket-driver (>= 0.5.1)
    json (2.2.0)
    mongo (2.8.0)
      bson (>= 4.4.2, < 5.0.0)
    multi_json (1.13.1)
    multipart-post (2.0.0)
    mustermann (1.0.3)
    rack (2.0.8)
    rack-protection (2.0.5)
      rack
    rake (12.3.2)
    rubyzip (1.3.0)
    sinatra (2.0.5)
      mustermann (~> 1.0)
      rack (~> 2.0)
      rack-protection (= 2.0.5)
      tilt (~> 2.0)
    slack-api (1.6.1)
      faraday (~> 0.11)
      faraday_middleware (~> 0.10.0)
      faye-websocket (~> 0.10.6)
      multi_json (~> 1.0, >= 1.0.3)
    tilt (2.0.9)
    websocket-driver (0.7.0)
      websocket-extensions (>= 0.1.0)
    websocket-extensions (0.1.3)

PLATFORMS
  ruby

DEPENDENCIES
  bson_ext
  json
  mongo
  rake
  rubyzip
  sinatra
  slack-api

BUNDLED WITH
   1.17.2
